PATH
  remote: .
  specs:
    lita-fortune (0.0.8)
      i18n (~> 0.9)
      lita (>= 2.0)
      rack (>= 2.1.4, < 2.3.0)

GEM
  remote: https://rubygems.org/
  specs:
    concurrent-ruby (1.2.0)
    diff-lcs (1.5.0)
    fakeredis (0.7.0)
      redis (>= 3.2, < 5.0)
    faraday (2.7.4)
      faraday-net_http (>= 2.0, < 3.1)
      ruby2_keywords (>= 0.0.4)
    faraday-net_http (3.0.2)
    http_router (0.11.2)
      rack (>= 1.0.0)
      url_mount (~> 0.2.1)
    i18n (0.9.5)
      concurrent-ruby (~> 1.0)
    ice_nine (0.11.2)
    lita (4.7.0)
      bundler (>= 1.3)
      faraday (>= 0.8.7)
      http_router (>= 0.11.2)
      i18n (>= 0.6.9)
      ice_nine (>= 0.11.0)
      multi_json (>= 1.7.7)
      puma (>= 2.7.1)
      rack (>= 1.5.2)
      rb-readline (>= 0.5.1)
      redis-namespace (>= 1.3.0)
      thor (>= 0.18.1)
    multi_json (1.15.0)
    nio4r (2.5.8)
    puma (6.0.2)
      nio4r (~> 2.0)
    rack (2.2.6.2)
    rake (13.0.6)
    rb-readline (0.5.5)
    redis (4.8.0)
    redis-namespace (1.10.0)
      redis (>= 4)
    rspec (3.12.0)
      rspec-core (~> 3.12.0)
      rspec-expectations (~> 3.12.0)
      rspec-mocks (~> 3.12.0)
    rspec-core (3.12.0)
      rspec-support (~> 3.12.0)
    rspec-expectations (3.12.2)
      diff-lcs (>= 1.2.0, < 2.0)
      rspec-support (~> 3.12.0)
    rspec-mocks (3.12.3)
      diff-lcs (>= 1.2.0, < 2.0)
      rspec-support (~> 3.12.0)
    rspec-support (3.12.0)
    ruby2_keywords (0.0.5)
    thor (1.2.1)
    url_mount (0.2.1)
      rack

PLATFORMS
  ruby

DEPENDENCIES
  bundler (> 1.17)
  fakeredis (~> 0.7.0)
  lita-fortune!
  rake (>= 12.3.3)
  rspec (~> 3.5)

BUNDLED WITH
   2.1.4
